GEM
  remote: http://rubygems.org/
  specs:
    addressable (2.2.8)
    daemons (1.1.9)
    eventmachine (1.0.0)
    guillotine (1.3.0)
      addressable (~> 2.2.6)
      sinatra (~> 1.2.6)
    haml (3.1.7)
    rack (1.4.1)
    redis (3.0.2)
    sinatra (1.2.8)
      rack (~> 1.1)
      tilt (>= 1.2.2, < 2.0)
    thin (1.5.0)
      daemons (>= 1.0.9)
      eventmachine (>= 0.12.6)
      rack (>= 1.0.0)
    tilt (1.3.3)

PLATFORMS
  ruby

DEPENDENCIES
  guillotine (= 1.3.0)
  haml
  redis
  thin
